GEM
  remote: https://rubygems.org/
  specs:
    stringex (2.5.2)
    thor (0.19.1)

PLATFORMS
  ruby

DEPENDENCIES
  stringex
  thor
